GIT
  remote: git://github.com/SassMeister/ruby-compiler.git
  revision: c9424f5b6309d57cb03b625b65731f22ac520ac4
  specs:
    sassmeister (0.0.1)

GIT
  remote: git://github.com/rack/rack-contrib.git
  revision: 5c12ace4ba2b9e4802e4d948a8ee0114da18760b
  specs:
    rack-contrib (1.2.0)
      rack (>= 0.9.1)

GEM
  remote: http://rubygems.org/
  specs:
    bitters-compass (0.10.0)
      bourbon-compass (>= 3.1.3)
      compass (>= 0.11)
      neat-compass (>= 1.4.0)
      sass (>= 3.2)
    bootstrap-sass (3.1.1.1)
      sass (~> 3.2)
    bourbon-compass (3.2.3)
      compass (~> 0.12.6)
      sass (~> 3.2)
    breakpoint (2.0.7)
      compass (>= 0.12.1)
      sass (>= 3.2.0)
    breakpoint-slicer (1.3)
      breakpoint (>= 2.0.1)
      compass (>= 0.12.2)
      sass (>= 3.2.1)
    breakup (0.2.1)
      compass (>= 0.12.2)
      sass (>= 3.2.0)
    ceaser-easing (0.7)
      compass (>= 0.12.2)
      rake
    chunky_png (1.3.1)
    coderay (1.1.0)
    color-schemer (0.2.8)
      compass-blend-modes (~> 0.0.2)
    compass (0.12.6)
      chunky_png (~> 1.2)
      fssm (>= 0.2.7)
      sass (~> 3.2.19)
    compass-blend-modes (0.0.2)
      compass
    compass-inuit (5.0.2)
      compass (>= 0.12.2)
    compass-photoshop-drop-shadow (0.0.1)
      compass
    compass-placeholders (1.1.1)
      compass
    compass-yiq-color-contrast (1.1.1)
      compass
      sass
    css-slideshow (0.2.0)
      compass (>= 0.10.0.rc3)
    fancy-buttons (1.2.0)
      compass (>= 0.11)
    fittext (0.0.5)
      compass (>= 0.10.0.rc3)
    fssm (0.2.10)
    grid-coordinates (1.2.0)
      compass (>= 0.11.5)
    guff-compass (1.0.0)
      compass (>= 0.11)
      sass (>= 3.2)
    harsh (1.0.0)
      compass (>= 0.10.0.rc3)
    jacket (1.0.0)
      compass (>= 0.12.2)
      sass (>= 3.2.0)
    kgio (2.9.2)
    method_source (0.8.2)
    modular-scale (2.0.5)
      compass (>= 0.12.0)
    neat-compass (1.5.1)
      bourbon-compass (>= 3.1.3)
      compass (>= 0.11)
      sass (>= 3.2)
    newrelic_rpm (3.8.1.221)
    normalize-scss (2.2.0)
      compass (~> 0.12.0)
      sass (~> 3.2.0)
    pry (0.9.12.6)
      coderay (~> 1.0)
      method_source (~> 0.8)
      slop (~> 3.4)
    pry-remote (0.1.8)
      pry (~> 0.9)
      slop (~> 3.0)
    rack (1.5.2)
    rack-protection (1.5.3)
      rack
    rack-test (0.6.2)
      rack (>= 1.0)
    raindrops (0.13.0)
    rake (10.3.2)
    responsive-modular-scale (0.2.1)
      modular-scale (>= 2.0.4)
    responsive-sass (0.1.1)
      compass (>= 0.11)
    rwdcalc (0.0.2)
      compass (>= 0.12.2)
      sass (>= 3.2.1)
    salsa (0.0.1)
      compass (>= 0.12.1)
      sass (>= 3.2.0)
    sass (3.2.19)
    sass-list-maps (0.9.9)
      compass (~> 0.12.0)
      sass (~> 3.2.0)
    sassy-buttons (0.2.6)
      compass (>= 0.12.2)
    sassy-math (1.5)
      compass (~> 0.11)
    sassy-strings (1.0.0)
      compass (>= 0.12.2)
    sassy-text-shadow (0.0.4)
      compass (>= 0.11.5)
    scut (0.10.4)
      sass (~> 3.2, >= 3.2.0)
    sinatra (1.4.5)
      rack (~> 1.4)
      rack-protection (~> 1.4)
      tilt (~> 1.3, >= 1.3.4)
    singularity-extras (0.0.3)
      modular-scale (>= 1.0.6)
      sassy-math (>= 1.5)
      singularitygs (>= 0.0.1)
    singularity-golden-grid (1.1)
      sass (>= 3.2.1)
      singularitygs (>= 1.1.1)
    singularitygs (1.1.2)
      breakpoint (>= 2.0.1)
      compass (>= 0.12.2)
      sass (>= 3.2.1)
    slop (3.5.0)
    stipe (0.0.6.4)
      compass (>= 0.11)
      sass (>= 3.2.1)
    stitch (0.1.6)
      compass
      sass (~> 3.2.0.alpha)
    susy (1.0.9)
      compass (>= 0.12.2)
      sass (>= 3.2.0)
    thor (0.19.1)
    tilt (1.4.1)
    toolkit (1.3.8)
      breakpoint (>= 2.0.6)
      color-schemer (>= 0.2.7)
      compass (>= 0.12.2)
      sassy-strings (>= 1.0.0)
      singularitygs (>= 1.1.2)
    true (0.1.5)
      compass (>= 0.12.2)
      sass (>= 3.2.0)
    unicorn (4.8.3)
      kgio (~> 2.6)
      rack
      raindrops (~> 0.7)
    zen-grids (1.4)
      sass (>= 3.1)
    zurb-foundation (4.3.2)
      sass (>= 3.2.0)

PLATFORMS
  ruby

DEPENDENCIES
  bitters-compass
  bootstrap-sass
  bourbon-compass (~> 3.2.0)
  breakpoint
  breakpoint-slicer
  breakup
  ceaser-easing
  color-schemer
  compass (~> 0.12.2)
  compass-blend-modes
  compass-inuit
  compass-photoshop-drop-shadow
  compass-placeholders
  compass-yiq-color-contrast
  css-slideshow
  fancy-buttons
  fittext
  grid-coordinates
  guff-compass
  harsh
  jacket
  modular-scale
  neat-compass
  newrelic_rpm
  normalize-scss
  pry-remote
  rack-contrib!
  rack-test
  rake
  responsive-modular-scale
  responsive-sass
  rwdcalc
  salsa
  sass (~> 3.2.12)
  sass-list-maps
  sassmeister!
  sassy-buttons
  sassy-text-shadow
  scut
  sinatra
  singularity-extras
  singularity-golden-grid
  singularitygs
  stipe
  stitch
  susy (~> 1.0.9)
  thor
  toolkit
  true
  unicorn
  zen-grids
  zurb-foundation
